PATH
  remote: .
  specs:
    glebtv-ckeditor (4.1.1.1)
      mime-types
      orm_adapter

GEM
  remote: https://rubygems.org/
  specs:
    mime-types (1.23)
    orm_adapter (0.4.0)

PLATFORMS
  ruby

DEPENDENCIES
  glebtv-ckeditor!
