PATH
  remote: .
  specs:
    glebtv-ckeditor (4.0.1)
      mime-types
      orm_adapter

GEM
  remote: http://rubygems.org/
  specs:
    mime-types (1.21)
    orm_adapter (0.4.0)

PLATFORMS
  ruby

DEPENDENCIES
  glebtv-ckeditor!
